GEM
  remote: https://rubygems.org/
  specs:
    font-awesome-sass (4.7.0)
      sass (>= 3.2)
    sass (3.4.24)

PLATFORMS
  x86-mingw32

DEPENDENCIES
  font-awesome-sass

BUNDLED WITH
   1.15.1
